GEM
  remote: https://rubygems.org/
  specs:
    coderay (1.1.2)
    ffi (1.10.0)
    json (2.2.0)
    method_source (0.9.2)
    minitest (5.11.3)
    minitest-rg (5.2.0)
      minitest (~> 5.0)
    pry (0.12.2)
      coderay (~> 1.1.0)
      method_source (~> 0.9.0)
    puma (3.12.1)
    rack (2.0.7)
    rack-test (1.1.0)
      rack (>= 1.0, < 3)
    rbnacl (6.0.1)
      ffi
    roda (3.18.0)
      rack

PLATFORMS
  ruby

DEPENDENCIES
  json
  minitest
  minitest-rg
  pry
  puma (~> 3.11)
  rack-test
  rbnacl (~> 6.0)
  roda (~> 3.6)

RUBY VERSION
   ruby 2.6.0p0

BUNDLED WITH
   1.17.2
